GEM
  remote: https://rubygems.org/
  specs:
    rubyscad (1.0.7)

PLATFORMS
  ruby

DEPENDENCIES
  rubyscad

BUNDLED WITH
   2.1.2
